PATH
  remote: .
  specs:
    motion-pool (0.0.1b)

GEM
  remote: https://rubygems.org/
  specs:
    motion-stump (0.3.2)
    rake (10.3.2)

PLATFORMS
  ruby

DEPENDENCIES
  motion-pool!
  motion-stump
  rake
